GIT
  remote: https://github.com/gregbell/active_admin.git
  revision: 6e226154625485fea9a9ad915f082a8a0dc45400
  specs:
    activeadmin (1.0.0.pre)
      arbre (~> 1.0)
      bourbon
      coffee-rails
      formtastic (~> 2.3.0.rc3)
      inherited_resources (~> 1.3)
      jquery-rails
      jquery-ui-rails
      kaminari (~> 0.15)
      rails (>= 3.2, < 4.2)
      ransack (~> 1.0)
      sass-rails

GEM
  remote: https://rubygems.org/
  specs:
    actionmailer (4.0.1)
      actionpack (= 4.0.1)
      mail (~> 2.5.4)
    actionpack (4.0.1)
      activesupport (= 4.0.1)
      builder (~> 3.1.0)
      erubis (~> 2.7.0)
      rack (~> 1.5.2)
      rack-test (~> 0.6.2)
    active_link_to (1.0.2)
      actionpack
    activemodel (4.0.1)
      activesupport (= 4.0.1)
      builder (~> 3.1.0)
    activerecord (4.0.1)
      activemodel (= 4.0.1)
      activerecord-deprecated_finders (~> 1.0.2)
      activesupport (= 4.0.1)
      arel (~> 4.0.0)
    activerecord-deprecated_finders (1.0.3)
    activesupport (4.0.1)
      i18n (~> 0.6, >= 0.6.4)
      minitest (~> 4.2)
      multi_json (~> 1.3)
      thread_safe (~> 0.1)
      tzinfo (~> 0.3.37)
    arbre (1.0.1)
      activesupport (>= 3.0.0)
    arel (4.0.2)
    autosize-rails (1.18.8)
      rails (>= 3.1)
    bcrypt (3.1.7)
    better_errors (1.1.0)
      coderay (>= 1.0.0)
      erubis (>= 2.6.6)
    binding_of_caller (0.7.2)
      debug_inspector (>= 0.0.1)
    bootstrap-datepicker-rails (1.3.0.2)
      railties (>= 3.0)
    bootstrap-sass (3.1.1.1)
      sass (~> 3.2)
    bourbon (3.2.3)
      sass (~> 3.2)
      thor
    builder (3.1.4)
    capistrano (3.2.1)
      i18n
      rake (>= 10.0.0)
      sshkit (~> 1.3)
    capistrano-bundler (1.1.2)
      capistrano (~> 3.0)
      sshkit (~> 1.2)
    capistrano-rails (1.1.1)
      capistrano (~> 3.1)
      capistrano-bundler (~> 1.1)
    capistrano-rvm (0.1.1)
      capistrano (~> 3.0)
      sshkit (~> 1.2)
    capybara (2.3.0)
      mime-types (>= 1.16)
      nokogiri (>= 1.3.3)
      rack (>= 1.0.0)
      rack-test (>= 0.5.4)
      xpath (~> 2.0)
    childprocess (0.5.3)
      ffi (~> 1.0, >= 1.0.11)
    climate_control (0.0.3)
      activesupport (>= 3.0)
    cocaine (0.5.4)
      climate_control (>= 0.0.3, < 1.0)
    coderay (1.1.0)
    coffee-rails (4.0.1)
      coffee-script (>= 2.2.0)
      railties (>= 4.0.0, < 5.0)
    coffee-script (2.2.0)
      coffee-script-source
      execjs
    coffee-script-source (1.7.0)
    colorize (0.7.3)
    countries (0.9.3)
      currencies (~> 0.4.2)
    country-select (1.1.1)
    currencies (0.4.2)
    daemons (1.1.9)
    debug_inspector (0.0.2)
    devise (3.2.4)
      bcrypt (~> 3.0)
      orm_adapter (~> 0.1)
      railties (>= 3.2.6, < 5)
      thread_safe (~> 0.1)
      warden (~> 1.2.3)
    devise_invitable (1.3.5)
      actionmailer (>= 3.2.6, < 5)
      devise (>= 3.2.0)
    diff-lcs (1.2.5)
    erubis (2.7.0)
    eventmachine (1.0.3)
    execjs (2.1.0)
    fabrication (2.11.2)
    factory_girl (4.4.0)
      activesupport (>= 3.0.0)
    factory_girl_rails (4.4.1)
      factory_girl (~> 4.4.0)
      railties (>= 3.0.0)
    faker (1.3.0)
      i18n (~> 0.5)
    ffi (1.9.3)
    font-awesome-sass (4.1.0)
      sass (~> 3.2)
    formtastic (2.3.0.rc3)
      actionpack (>= 3.0)
    google-analytics-rails (0.0.6)
    has_scope (0.6.0.rc)
      actionpack (>= 3.2, < 5)
      activesupport (>= 3.2, < 5)
    hashie (3.0.0)
    high_voltage (2.1.0)
    highline (1.6.21)
    hike (1.2.3)
    i18n (0.6.9)
    i18n-country-translations (1.0.4)
      i18n (~> 0.5)
      railties (>= 3.0.0)
    inherited_resources (1.5.0)
      has_scope (~> 0.6.0.rc)
      responders (~> 1.0)
    jbuilder (1.5.3)
      activesupport (>= 3.0.0)
      multi_json (>= 1.2.0)
    jquery-rails (3.1.0)
      railties (>= 3.0, < 5.0)
      thor (>= 0.14, < 2.0)
    jquery-ui-rails (4.2.1)
      railties (>= 3.2.16)
    json (1.8.1)
    kaminari (0.15.1)
      actionpack (>= 3.0.0)
      activesupport (>= 3.0.0)
    libv8 (3.16.14.3)
    mail (2.5.4)
      mime-types (~> 1.16)
      treetop (~> 1.4.8)
    mime-types (1.25.1)
    mini_portile (0.6.0)
    minitest (4.7.5)
    multi_json (1.10.1)
    net-scp (1.2.1)
      net-ssh (>= 2.6.5)
    net-ssh (2.9.1)
    nokogiri (1.6.2.1)
      mini_portile (= 0.6.0)
    options (2.3.2)
    orm_adapter (0.5.0)
    paperclip (4.1.1)
      activemodel (>= 3.0.0)
      activesupport (>= 3.0.0)
      cocaine (~> 0.5.3)
      mime-types
    pg (0.17.1)
    polyamorous (1.0.0)
      activerecord (>= 3.0)
    polyglot (0.3.5)
    pr_geohash (1.0.0)
    progress_bar (1.0.1)
      highline (~> 1.6.1)
      options (~> 2.3.0)
    quiet_assets (1.0.2)
      railties (>= 3.1, < 5.0)
    rack (1.5.2)
    rack-test (0.6.2)
      rack (>= 1.0)
    rails (4.0.1)
      actionmailer (= 4.0.1)
      actionpack (= 4.0.1)
      activerecord (= 4.0.1)
      activesupport (= 4.0.1)
      bundler (>= 1.3.0, < 2.0)
      railties (= 4.0.1)
      sprockets-rails (~> 2.0.0)
    rails-i18n (4.0.2)
      i18n (~> 0.6)
      rails (>= 4.0)
    rails-rateit (0.2)
    rails-timeago (2.10.2)
      actionpack (>= 3.1)
      activesupport (>= 3.1)
    railties (4.0.1)
      actionpack (= 4.0.1)
      activesupport (= 4.0.1)
      rake (>= 0.8.7)
      thor (>= 0.18.1, < 2.0)
    rake (10.3.2)
    ransack (1.2.3)
      actionpack (>= 3.0)
      activerecord (>= 3.0)
      activesupport (>= 3.0)
      i18n
      polyamorous (~> 1.0.0)
    recaptcha (0.3.6)
    ref (1.0.5)
    responders (1.1.0)
      railties (>= 3.2, < 5)
    rsolr (1.0.10)
      builder (>= 2.1.2)
    rspec-core (3.0.0)
      rspec-support (~> 3.0.0)
    rspec-expectations (3.0.0)
      diff-lcs (>= 1.2.0, < 2.0)
      rspec-support (~> 3.0.0)
    rspec-mocks (3.0.0)
      rspec-support (~> 3.0.0)
    rspec-rails (3.0.1)
      actionpack (>= 3.0)
      activesupport (>= 3.0)
      railties (>= 3.0)
      rspec-core (~> 3.0.0)
      rspec-expectations (~> 3.0.0)
      rspec-mocks (~> 3.0.0)
      rspec-support (~> 3.0.0)
    rspec-support (3.0.0)
    rubyzip (1.1.4)
    sass (3.2.19)
    sass-rails (4.0.3)
      railties (>= 4.0.0, < 5.0)
      sass (~> 3.2.0)
      sprockets (~> 2.8, <= 2.11.0)
      sprockets-rails (~> 2.0)
    selenium-webdriver (2.42.0)
      childprocess (>= 0.5.0)
      multi_json (~> 1.0)
      rubyzip (~> 1.0)
      websocket (~> 1.0.4)
    simple_enum (1.6.9)
      activesupport (>= 3.0.0)
    sprockets (2.11.0)
      hike (~> 1.2)
      multi_json (~> 1.0)
      rack (~> 1.0)
      tilt (~> 1.1, != 1.3.0)
    sprockets-rails (2.0.1)
      actionpack (>= 3.0)
      activesupport (>= 3.0)
      sprockets (~> 2.8)
    sshkit (1.5.1)
      colorize
      net-scp (>= 1.1.2)
      net-ssh (>= 2.8.0)
    sunspot (2.1.1)
      pr_geohash (~> 1.0)
      rsolr (~> 1.0.7)
    sunspot_rails (2.1.1)
      nokogiri
      rails (>= 3)
      sunspot (= 2.1.1)
    sunspot_solr (2.1.1)
    therubyracer (0.12.1)
      libv8 (~> 3.16.14.0)
      ref
    thin (1.6.2)
      daemons (>= 1.0.9)
      eventmachine (>= 1.0.0)
      rack (>= 1.0.0)
    thor (0.19.1)
    thread_safe (0.3.4)
    tilt (1.4.1)
    timeliness (0.3.7)
    treetop (1.4.15)
      polyglot
      polyglot (>= 0.3.1)
    turbolinks (2.2.2)
      coffee-rails
    twitter-typeahead-rails (0.10.2)
      actionpack (>= 3.1)
      jquery-rails
      railties (>= 3.1)
    tzinfo (0.3.39)
    uglifier (2.5.0)
      execjs (>= 0.3.0)
      json (>= 1.8.0)
    validates_timeliness (3.0.14)
      timeliness (~> 0.3.6)
    warden (1.2.3)
      rack (>= 1.0)
    websocket (1.0.7)
    will_paginate (3.0.5)
    will_paginate-bootstrap (1.0.0)
      will_paginate (>= 3.0.3)
    world-flags (0.6.5)
      hashie (>= 1.2)
      i18n (>= 0.6)
    xpath (2.0.0)
      nokogiri (~> 1.3)

PLATFORMS
  ruby

DEPENDENCIES
  actionmailer
  active_link_to
  activeadmin!
  autosize-rails
  better_errors
  binding_of_caller
  bootstrap-datepicker-rails
  bootstrap-sass
  capistrano
  capistrano-bundler
  capistrano-rails
  capistrano-rvm
  capybara
  coffee-rails (~> 4.0.0)
  countries (~> 0.9.3)
  country-select
  devise
  devise_invitable
  fabrication
  factory_girl_rails
  faker
  font-awesome-sass
  google-analytics-rails
  high_voltage
  i18n-country-translations
  jbuilder (~> 1.2)
  jquery-rails
  paperclip
  pg
  progress_bar
  quiet_assets
  rails (= 4.0.1)
  rails-i18n
  rails-rateit
  rails-timeago
  recaptcha
  rspec-rails
  sass-rails (~> 4.0.0)
  selenium-webdriver
  simple_enum
  sunspot_rails
  sunspot_solr
  therubyracer
  thin
  turbolinks
  twitter-typeahead-rails
  uglifier (>= 1.3.0)
  validates_timeliness
  will_paginate-bootstrap
  world-flags
