GIT
  remote: https://github.com/gregbell/active_admin.git
  revision: 7ee54a9bacddcf4039f7ad4a0ff6090371106e41
  specs:
    activeadmin (1.0.0.pre)
      arbre (~> 1.0)
      bourbon
      coffee-rails
      devise (~> 3.0)
      formtastic (~> 2.3.0.rc2)
      inherited_resources (~> 1.3)
      jquery-rails
      jquery-ui-rails
      kaminari (~> 0.14)
      rails (>= 3.2, < 4.1)
      ransack (~> 1.0)
      sass-rails

GEM
  remote: https://rubygems.org/
  specs:
    actionmailer (4.0.1)
      actionpack (= 4.0.1)
      mail (~> 2.5.4)
    actionpack (4.0.1)
      activesupport (= 4.0.1)
      builder (~> 3.1.0)
      erubis (~> 2.7.0)
      rack (~> 1.5.2)
      rack-test (~> 0.6.2)
    active_link_to (1.0.1)
      actionpack
    activemodel (4.0.1)
      activesupport (= 4.0.1)
      builder (~> 3.1.0)
    activerecord (4.0.1)
      activemodel (= 4.0.1)
      activerecord-deprecated_finders (~> 1.0.2)
      activesupport (= 4.0.1)
      arel (~> 4.0.0)
    activerecord-deprecated_finders (1.0.3)
    activesupport (4.0.1)
      i18n (~> 0.6, >= 0.6.4)
      minitest (~> 4.2)
      multi_json (~> 1.3)
      thread_safe (~> 0.1)
      tzinfo (~> 0.3.37)
    arbre (1.0.1)
      activesupport (>= 3.0.0)
    arel (4.0.1)
    atomic (1.1.14)
    autosize-rails (1.18.0)
      rails (>= 3.1)
    bcrypt-ruby (3.1.2)
    bcrypt-ruby (3.1.2-x86-mingw32)
    better_errors (1.0.1)
      coderay (>= 1.0.0)
      erubis (>= 2.6.6)
    binding_of_caller (0.7.2)
      debug_inspector (>= 0.0.1)
    bootstrap-datepicker-rails (1.1.1.8)
      railties (>= 3.0)
    bootstrap-sass (3.0.2.1)
      sass (~> 3.2)
    bourbon (3.1.8)
      sass (>= 3.2.0)
      thor
    builder (3.1.4)
    capistrano (3.0.1)
      i18n
      rake (>= 10.0.0)
      sshkit (>= 0.0.23)
    capistrano-bundler (1.0.0)
      capistrano (>= 3.0.0.pre)
    capistrano-rails (1.0.0)
      capistrano
    capistrano-rvm (0.1.0)
      capistrano (~> 3.0)
      sshkit (~> 1.2.0)
    capybara (2.2.0)
      mime-types (>= 1.16)
      nokogiri (>= 1.3.3)
      rack (>= 1.0.0)
      rack-test (>= 0.5.4)
      xpath (~> 2.0)
    childprocess (0.3.9)
      ffi (~> 1.0, >= 1.0.11)
    climate_control (0.0.3)
      activesupport (>= 3.0)
    cocaine (0.5.3)
      climate_control (>= 0.0.3, < 1.0)
    coderay (1.1.0)
    coffee-rails (4.0.1)
      coffee-script (>= 2.2.0)
      railties (>= 4.0.0, < 5.0)
    coffee-script (2.2.0)
      coffee-script-source
      execjs
    coffee-script-source (1.6.3)
    countries (0.9.3)
      currencies (~> 0.4.2)
    country-select (1.1.1)
    currencies (0.4.2)
    daemons (1.1.9)
    debug_inspector (0.0.2)
    devise (3.2.1)
      bcrypt-ruby (~> 3.0)
      orm_adapter (~> 0.1)
      railties (>= 3.2.6, < 5)
      thread_safe (~> 0.1)
      warden (~> 1.2.3)
    devise_invitable (1.3.1)
      actionmailer (>= 3.2.6, < 5)
      devise (>= 3.1.0)
    diff-lcs (1.2.5)
    erubis (2.7.0)
    eventmachine (1.0.3)
    eventmachine (1.0.3-x86-mingw32)
    execjs (2.0.2)
    fabrication (2.9.3)
    factory_girl (4.3.0)
      activesupport (>= 3.0.0)
    factory_girl_rails (4.3.0)
      factory_girl (~> 4.3.0)
      railties (>= 3.0.0)
    faker (1.2.0)
      i18n (~> 0.5)
    fattr (2.2.1)
    ffi (1.9.3)
    ffi (1.9.3-x86-mingw32)
    font-awesome-sass (4.0.2)
      sass-rails (>= 3.1.1)
    formtastic (2.3.0.rc2)
      actionpack (>= 3.0)
    google-analytics-rails (0.0.4)
    has_scope (0.6.0.rc)
      actionpack (>= 3.2, < 5)
      activesupport (>= 3.2, < 5)
    hashie (2.0.5)
    high_voltage (2.0.0)
    highline (1.6.20)
    hike (1.2.3)
    i18n (0.6.9)
    i18n-country-translations (1.0.2)
      i18n (~> 0.5)
      railties (>= 3.0.0)
    inherited_resources (1.4.1)
      has_scope (~> 0.6.0.rc)
      responders (~> 1.0.0.rc)
    jbuilder (1.5.2)
      activesupport (>= 3.0.0)
      multi_json (>= 1.2.0)
    jquery-rails (3.0.4)
      railties (>= 3.0, < 5.0)
      thor (>= 0.14, < 2.0)
    jquery-ui-rails (4.1.0)
      railties (>= 3.1.0)
    json (1.8.1)
    kaminari (0.15.0)
      actionpack (>= 3.0.0)
      activesupport (>= 3.0.0)
    mail (2.5.4)
      mime-types (~> 1.16)
      treetop (~> 1.4.8)
    mime-types (1.25)
    mini_portile (0.5.2)
    minitest (4.7.5)
    multi_json (1.8.2)
    net-scp (1.1.2)
      net-ssh (>= 2.6.5)
    net-ssh (2.7.0)
    nokogiri (1.6.0)
      mini_portile (~> 0.5.0)
    nokogiri (1.6.0-x86-mingw32)
      mini_portile (~> 0.5.0)
    options (2.3.0)
      fattr
    orm_adapter (0.5.0)
    paperclip (3.5.2)
      activemodel (>= 3.0.0)
      activesupport (>= 3.0.0)
      cocaine (~> 0.5.3)
      mime-types
    pg (0.17.0)
    pg (0.17.0-x86-mingw32)
    polyamorous (0.6.4)
      activerecord (>= 3.0)
    polyglot (0.3.3)
    pr_geohash (1.0.0)
    progress_bar (1.0.0)
      highline (~> 1.6.1)
      options (~> 2.3.0)
    quiet_assets (1.0.2)
      railties (>= 3.1, < 5.0)
    rack (1.5.2)
    rack-test (0.6.2)
      rack (>= 1.0)
    rails (4.0.1)
      actionmailer (= 4.0.1)
      actionpack (= 4.0.1)
      activerecord (= 4.0.1)
      activesupport (= 4.0.1)
      bundler (>= 1.3.0, < 2.0)
      railties (= 4.0.1)
      sprockets-rails (~> 2.0.0)
    rails-i18n (4.0.0)
      i18n (~> 0.6)
      rails (~> 4.0.0)
    rails-rateit (0.2)
    rails-timeago (2.8.0)
      actionpack (>= 3.1)
      activesupport (>= 3.1)
    railties (4.0.1)
      actionpack (= 4.0.1)
      activesupport (= 4.0.1)
      rake (>= 0.8.7)
      thor (>= 0.18.1, < 2.0)
    rake (10.1.1)
    ransack (1.1.0)
      actionpack (>= 3.0)
      activerecord (>= 3.0)
      polyamorous (~> 0.6.0)
    responders (1.0.0)
      railties (>= 3.2, < 5)
    rsolr (1.0.9)
      builder (>= 2.1.2)
    rspec-core (2.14.7)
    rspec-expectations (2.14.4)
      diff-lcs (>= 1.1.3, < 2.0)
    rspec-mocks (2.14.4)
    rspec-rails (2.14.0)
      actionpack (>= 3.0)
      activesupport (>= 3.0)
      railties (>= 3.0)
      rspec-core (~> 2.14.0)
      rspec-expectations (~> 2.14.0)
      rspec-mocks (~> 2.14.0)
    rubyzip (1.0.0)
    sass (3.2.12)
    sass-rails (4.0.1)
      railties (>= 4.0.0, < 5.0)
      sass (>= 3.1.10)
      sprockets-rails (~> 2.0.0)
    selenium-webdriver (2.37.0)
      childprocess (>= 0.2.5)
      multi_json (~> 1.0)
      rubyzip (~> 1.0.0)
      websocket (~> 1.0.4)
    sendgrid-rails (2.0.3)
      actionmailer (>= 3.0.0)
      activesupport (>= 2.1.0)
    simple_enum (1.6.7)
      activesupport (>= 3.0.0)
    sprockets (2.10.0)
      hike (~> 1.2)
      multi_json (~> 1.0)
      rack (~> 1.0)
      tilt (~> 1.1, != 1.3.0)
    sprockets-rails (2.0.1)
      actionpack (>= 3.0)
      activesupport (>= 3.0)
      sprockets (~> 2.8)
    sshkit (1.2.0)
      net-scp (>= 1.1.2)
      net-ssh
      term-ansicolor
    sunspot (2.1.0)
      pr_geohash (~> 1.0)
      rsolr (~> 1.0.7)
    sunspot_rails (2.1.0)
      nokogiri
      rails (>= 3)
      sunspot (= 2.1.0)
    sunspot_solr (2.1.0)
    term-ansicolor (1.2.2)
      tins (~> 0.8)
    thin (1.6.1)
      daemons (>= 1.0.9)
      eventmachine (>= 1.0.0)
      rack (>= 1.0.0)
    thor (0.18.1)
    thread_safe (0.1.3)
      atomic
    tilt (1.4.1)
    timeliness (0.3.7)
    tins (0.13.1)
    treetop (1.4.15)
      polyglot
      polyglot (>= 0.3.1)
    turbolinks (1.3.0)
      coffee-rails
    twitter-typeahead-rails (0.9.3)
      actionpack (>= 3.1)
      jquery-rails
      railties (>= 3.1)
    tzinfo (0.3.38)
    uglifier (2.3.1)
      execjs (>= 0.3.0)
      json (>= 1.8.0)
    validates_timeliness (3.0.14)
      timeliness (~> 0.3.6)
    warden (1.2.3)
      rack (>= 1.0)
    websocket (1.0.7)
    will_paginate (3.0.5)
    will_paginate-bootstrap (1.0.0)
      will_paginate (>= 3.0.3)
    world-flags (0.6.3.1)
      hashie (>= 1.2)
      i18n (>= 0.6)
    xpath (2.0.0)
      nokogiri (~> 1.3)

PLATFORMS
  ruby
  x86-mingw32

DEPENDENCIES
  actionmailer
  active_link_to
  activeadmin!
  autosize-rails
  better_errors
  binding_of_caller
  bootstrap-datepicker-rails
  bootstrap-sass
  capistrano
  capistrano-bundler
  capistrano-rails
  capistrano-rvm
  capybara
  coffee-rails (~> 4.0.0)
  countries (~> 0.9.3)
  country-select
  devise
  devise_invitable
  fabrication
  factory_girl_rails
  faker
  font-awesome-sass
  google-analytics-rails
  high_voltage
  i18n-country-translations
  jbuilder (~> 1.2)
  jquery-rails
  paperclip
  pg
  progress_bar
  quiet_assets
  rails (= 4.0.1)
  rails-i18n
  rails-rateit
  rails-timeago
  rspec-rails
  sass-rails (~> 4.0.0)
  selenium-webdriver
  sendgrid-rails
  simple_enum
  sunspot_rails
  sunspot_solr
  thin
  turbolinks
  twitter-typeahead-rails
  uglifier (>= 1.3.0)
  validates_timeliness
  will_paginate-bootstrap
  world-flags
